PATH
  remote: .
  specs:
    joyo_bas (0.2.0)
      rubyXL
      selenium-webdriver
      thor

GEM
  remote: https://rubygems.org/
  specs:
    childprocess (3.0.0)
    mini_portile2 (2.4.0)
    minitest (5.14.0)
    nokogiri (1.10.8)
      mini_portile2 (~> 2.4.0)
    rake (10.5.0)
    rubyXL (3.4.12)
      nokogiri (>= 1.4.4)
      rubyzip (>= 1.3.0)
    rubyzip (2.2.0)
    selenium-webdriver (3.142.7)
      childprocess (>= 0.5, < 4.0)
      rubyzip (>= 1.2.2)
    thor (1.0.1)

PLATFORMS
  ruby

DEPENDENCIES
  bundler (~> 1.17)
  joyo_bas!
  minitest (~> 5.0)
  rake (~> 10.0)

BUNDLED WITH
   1.17.2
